GEM
  remote: http://rubygems.org/
  specs:
    minitest (2.6.0)
    rake (12.3.3)

PLATFORMS
  ruby

DEPENDENCIES
  minitest (~> 2.6.0)
  rake
